RESTRICTION: == net461
NUGET
  remote: https://www.nuget.org/api/v2
    CommandLineParser (1.9.71)
    Microsoft.AspNet.WebApi.Client (5.2.3)
      Newtonsoft.Json (>= 6.0.4)
    Microsoft.AspNet.WebApi.Core (5.2.3)
      Microsoft.AspNet.WebApi.Client (>= 5.2.3)
    Microsoft.CodeCoverage (15.9)
    Microsoft.NET.Test.Sdk (15.9)
      Microsoft.CodeCoverage (>= 15.9)
    Newtonsoft.Json (6.0.8)
    NUnit (3.11)
    NUnit3TestAdapter (3.13)
    System.ComponentModel.Composition (4.5)
    vswhere (2.4.1)
