RESTRICTION: == net461
NUGET
  remote: \\nuget.sc.local\NuGet.Packages\packages
    CommandLineParser (1.9.71)
    Microsoft.AspNet.WebApi.Client (5.2.3)
      Newtonsoft.Json (>= 6.0.4)
    Microsoft.AspNet.WebApi.Core (5.2.3)
      Microsoft.AspNet.WebApi.Client (>= 5.2.3)
    Newtonsoft.Json (6.0.8)
    NUnit (3.10.1)
    vswhere (2.4.1)
