FRAMEWORK: NET461
NUGET
  remote: \\nuget.sc.local\NuGet.Packages
    AbbyyLS.LanguageProperties (1.9.0)
      AbbyyLS.LanguageTag (1.3.1)
    AbbyyLS.LanguageTag (1.3.1.0)
    CommandLineParser (1.9.71)
    Microsoft.AspNet.Mvc (5.2.2)
      Microsoft.AspNet.Razor (>= 3.2.2 < 3.3)
      Microsoft.AspNet.WebPages (>= 3.2.2 < 3.3)
    Microsoft.AspNet.Razor (3.2.2)
    Microsoft.AspNet.WebApi (5.2.3)
      Microsoft.AspNet.WebApi.WebHost (>= 5.2.3 < 5.3)
    Microsoft.AspNet.WebApi.Client (5.2.3)
      Newtonsoft.Json (>= 6.0.4)
    Microsoft.AspNet.WebApi.Core (5.2.3)
      Microsoft.AspNet.WebApi.Client (>= 5.2.3)
    Microsoft.AspNet.WebApi.WebHost (5.2.3)
      Microsoft.AspNet.WebApi.Core (>= 5.2.3 < 5.3)
    Microsoft.AspNet.WebPages (3.2.2)
      Microsoft.AspNet.Razor (>= 3.2.2 < 3.3)
      Microsoft.Web.Infrastructure (>= 1.0)
    Microsoft.Web.Infrastructure (1.0.0)
    Newtonsoft.Json (6.0.8)
